GEM
  remote: http://rubygems.org/
  specs:
    acme-client (0.4.1)
      faraday (~> 0.9, >= 0.9.1)
    coffee-script (2.4.1)
      coffee-script-source
      execjs
    coffee-script-source (1.12.2)
    concurrent-ruby (1.0.5)
    dotenv (2.4.0)
    erubis (2.7.0)
    excon (0.62.0)
    execjs (2.7.0)
    faraday (0.15.0)
      multipart-post (>= 1.2, < 3)
    heroics (0.0.24)
      erubis (~> 2.0)
      excon
      moneta
      multi_json (>= 1.9.2)
    kgio (2.11.2)
    letsencrypt-rails-heroku (0.3.0)
      acme-client (~> 0.4.0)
      platform-api
    moneta (0.8.1)
    multi_json (1.13.1)
    multipart-post (2.0.0)
    mustermann (1.0.2)
    platform-api (2.1.0)
      heroics (~> 0.0.23)
      moneta (~> 0.8.1)
    rack (2.0.5)
    rack-protection (2.0.1)
      rack
    rack-rewrite (1.5.1)
    rack-ssl-enforcer (0.2.9)
    raindrops (0.19.0)
    rake (12.3.1)
    sinatra (2.0.1)
      mustermann (~> 1.0)
      rack (~> 2.0)
      rack-protection (= 2.0.1)
      tilt (~> 2.0)
    sprockets (3.7.1)
      concurrent-ruby (~> 1.0)
      rack (> 1, < 3)
    tilt (2.0.8)
    unicorn (5.4.0)
      kgio (~> 2.6)
      raindrops (~> 0.7)
    yui-compressor (0.12.0)

PLATFORMS
  ruby

DEPENDENCIES
  coffee-script
  dotenv
  erubis
  letsencrypt-rails-heroku (~> 0.3.0)
  platform-api
  rack-rewrite
  rack-ssl-enforcer
  rake
  sinatra
  sprockets
  unicorn
  yui-compressor

RUBY VERSION
   ruby 2.4.0p0

BUNDLED WITH
   1.16.1
