GEM
  remote: http://rubygems.org/
  specs:
    coffee-script (2.4.1)
      coffee-script-source
      execjs
    coffee-script-source (1.12.2)
    concurrent-ruby (1.1.7)
    dotenv (2.7.6)
    erubis (2.7.0)
    execjs (2.7.0)
    kgio (2.11.3)
    mustermann (1.1.1)
      ruby2_keywords (~> 0.0.1)
    rack (2.2.3)
    rack-protection (2.0.8.1)
      rack
    rack-rewrite (1.5.1)
    rack-ssl-enforcer (0.2.9)
    raindrops (0.19.1)
    rake (13.0.1)
    ruby2_keywords (0.0.2)
    sinatra (2.0.8.1)
      mustermann (~> 1.0)
      rack (~> 2.0)
      rack-protection (= 2.0.8.1)
      tilt (~> 2.0)
    sprockets (3.7.1)
      concurrent-ruby (~> 1.0)
      rack (> 1, < 3)
    tilt (2.0.10)
    unicorn (5.6.0)
      kgio (~> 2.6)
      raindrops (~> 0.7)
    yui-compressor (0.12.0)

PLATFORMS
  ruby

DEPENDENCIES
  coffee-script
  dotenv
  erubis
  rack-rewrite
  rack-ssl-enforcer
  rake
  sinatra
  sprockets (= 3.7.1)
  unicorn
  yui-compressor

RUBY VERSION
   ruby 2.7.1p83

BUNDLED WITH
   2.1.4
