GEM
  remote: http://rubygems.org/
  specs:
    coffee-script (2.4.1)
      coffee-script-source
      execjs
    coffee-script-source (1.12.2)
    concurrent-ruby (1.0.5)
    dotenv (2.4.0)
    erubis (2.7.0)
    execjs (2.7.0)
    kgio (2.11.2)
    mustermann (1.0.2)
    rack (2.0.5)
    rack-protection (2.0.1)
      rack
    rack-rewrite (1.5.1)
    rack-ssl-enforcer (0.2.9)
    raindrops (0.19.0)
    rake (12.3.3)
    sinatra (2.0.1)
      mustermann (~> 1.0)
      rack (~> 2.0)
      rack-protection (= 2.0.1)
      tilt (~> 2.0)
    sprockets (3.7.1)
      concurrent-ruby (~> 1.0)
      rack (> 1, < 3)
    tilt (2.0.8)
    unicorn (5.4.0)
      kgio (~> 2.6)
      raindrops (~> 0.7)
    yui-compressor (0.12.0)

PLATFORMS
  ruby

DEPENDENCIES
  coffee-script
  dotenv
  erubis
  rack-rewrite
  rack-ssl-enforcer
  rake
  sinatra
  sprockets
  unicorn
  yui-compressor

RUBY VERSION
   ruby 2.4.0p0

BUNDLED WITH
   1.15.2
